GEM
  remote: https://rubygems.org/
  specs:
    dpl (1.8.43)

PLATFORMS
  ruby

DEPENDENCIES
  dpl

BUNDLED WITH
   1.15.4
